GEM
  remote: https://rubygems.org/
  specs:
    Ruby-IRC (1.0.13)
    duck-duck-go (1.1.3)
      httpclient
      json
    httpclient (2.4.0)
    json (1.8.1)

PLATFORMS
  ruby

DEPENDENCIES
  Ruby-IRC
  duck-duck-go
