GEM
  remote: https://rubygems.org/
  specs:
    Ruby-IRC (1.0.13)
    duck-duck-go (1.1.3)
      httpclient
      json
    google-search (1.0.3)
      json
    httparty (0.13.1)
      json (~> 1.8)
      multi_xml (>= 0.5.2)
    httpclient (2.4.0)
    json (1.8.1)
    multi_xml (0.5.5)

PLATFORMS
  ruby
  x86-mingw32

DEPENDENCIES
  Ruby-IRC
  duck-duck-go
  google-search
  httparty
