GEM
  remote: https://rubygems.org/
  specs:
    Ruby-IRC (1.0.13)
    duck-duck-go (1.1.3)
      httpclient
      json
    google-search (1.0.3)
      json
    httparty (0.13.3)
      json (~> 1.8)
      multi_xml (>= 0.5.2)
    httpclient (2.6.0.1)
    json (1.8.2)
    mini_portile (0.6.2)
    multi_xml (0.5.5)
    nokogiri (1.6.6.2)
      mini_portile (~> 0.6.0)
    nokogiri (1.6.6.2-x86-mingw32)
      mini_portile (~> 0.6.0)
    sqlite3 (1.3.10)
    sqlite3 (1.3.10-x86-mingw32)

PLATFORMS
  ruby
  x86-mingw32

DEPENDENCIES
  Ruby-IRC
  duck-duck-go
  google-search
  httparty
  nokogiri
  sqlite3
